STORAGE: NONE
NUGET
  remote: https://api.nuget.org/v3/index.json
    Castle.Core (5.1.1) - restriction: || (>= net462) (>= netstandard2.0)
      System.Diagnostics.EventLog (>= 4.7) - restriction: || (&& (< net462) (>= netstandard2.0) (< netstandard2.1)) (&& (< net6.0) (>= netstandard2.1))
      System.Diagnostics.EventLog (>= 6.0) - restriction: >= net6.0
      System.Reflection.Emit (>= 4.7) - restriction: && (< net462) (>= netstandard2.0) (< netstandard2.1)
    FluentAssertions (8.0.1)
      System.Threading.Tasks.Extensions (>= 4.5.4) - restriction: || (>= net47) (&& (>= netstandard2.0) (< netstandard2.1))
    Microsoft.Bcl.AsyncInterfaces (9.0.1) - restriction: || (>= net462) (&& (< net6.0) (>= netstandard2.0)) (&& (< net8.0) (>= netstandard2.0)) (&& (>= netstandard2.0) (< netstandard2.1))
      System.Threading.Tasks.Extensions (>= 4.5.4) - restriction: || (>= net462) (&& (>= netstandard2.0) (< netstandard2.1))
    Microsoft.CodeCoverage (17.12) - restriction: || (>= net462) (>= netcoreapp3.1)
    Microsoft.Extensions.Configuration (9.0.1)
      Microsoft.Extensions.Configuration.Abstractions (>= 9.0.1) - restriction: || (>= net462) (>= netstandard2.0)
      Microsoft.Extensions.Primitives (>= 9.0.1) - restriction: || (>= net462) (>= netstandard2.0)
    Microsoft.Extensions.Configuration.Abstractions (9.0.1) - restriction: || (>= net462) (>= netstandard2.0)
      Microsoft.Extensions.Primitives (>= 9.0.1) - restriction: || (>= net462) (>= netstandard2.0)
      System.ValueTuple (>= 4.5) - restriction: >= net462
    Microsoft.Extensions.Configuration.Binder (9.0.1) - restriction: || (>= net462) (>= netstandard2.0)
      Microsoft.Extensions.Configuration.Abstractions (>= 9.0.1) - restriction: || (>= net462) (>= netstandard2.0)
    Microsoft.Extensions.Configuration.CommandLine (9.0.1) - restriction: || (>= net462) (>= netstandard2.0)
      Microsoft.Extensions.Configuration (>= 9.0.1) - restriction: || (>= net462) (>= netstandard2.0)
      Microsoft.Extensions.Configuration.Abstractions (>= 9.0.1) - restriction: || (>= net462) (>= netstandard2.0)
    Microsoft.Extensions.Configuration.EnvironmentVariables (9.0.1) - restriction: || (>= net462) (>= netstandard2.0)
      Microsoft.Extensions.Configuration (>= 9.0.1) - restriction: || (>= net462) (>= netstandard2.0)
      Microsoft.Extensions.Configuration.Abstractions (>= 9.0.1) - restriction: || (>= net462) (>= netstandard2.0)
    Microsoft.Extensions.Configuration.FileExtensions (9.0.1) - restriction: || (>= net462) (>= netstandard2.0)
      Microsoft.Extensions.Configuration (>= 9.0.1) - restriction: || (>= net462) (>= netstandard2.0)
      Microsoft.Extensions.Configuration.Abstractions (>= 9.0.1) - restriction: || (>= net462) (>= netstandard2.0)
      Microsoft.Extensions.FileProviders.Abstractions (>= 9.0.1) - restriction: || (>= net462) (>= netstandard2.0)
      Microsoft.Extensions.FileProviders.Physical (>= 9.0.1) - restriction: || (>= net462) (>= netstandard2.0)
      Microsoft.Extensions.Primitives (>= 9.0.1) - restriction: || (>= net462) (>= netstandard2.0)
    Microsoft.Extensions.Configuration.Json (9.0.1) - restriction: || (>= net462) (>= netstandard2.0)
      Microsoft.Extensions.Configuration (>= 9.0.1) - restriction: || (>= net462) (>= netstandard2.0)
      Microsoft.Extensions.Configuration.Abstractions (>= 9.0.1) - restriction: || (>= net462) (>= netstandard2.0)
      Microsoft.Extensions.Configuration.FileExtensions (>= 9.0.1) - restriction: || (>= net462) (>= netstandard2.0)
      Microsoft.Extensions.FileProviders.Abstractions (>= 9.0.1) - restriction: || (>= net462) (>= netstandard2.0)
      System.Text.Json (>= 9.0.1) - restriction: || (>= net462) (&& (>= net8.0) (< net9.0)) (&& (< net8.0) (>= netstandard2.1)) (&& (>= netstandard2.0) (< netstandard2.1))
    Microsoft.Extensions.Configuration.UserSecrets (9.0.1) - restriction: || (>= net462) (>= netstandard2.0)
      Microsoft.Extensions.Configuration.Abstractions (>= 9.0.1) - restriction: || (>= net462) (>= netstandard2.0)
      Microsoft.Extensions.Configuration.Json (>= 9.0.1) - restriction: || (>= net462) (>= netstandard2.0)
      Microsoft.Extensions.FileProviders.Abstractions (>= 9.0.1) - restriction: || (>= net462) (>= netstandard2.0)
      Microsoft.Extensions.FileProviders.Physical (>= 9.0.1) - restriction: || (>= net462) (>= netstandard2.0)
    Microsoft.Extensions.DependencyInjection (9.0.1)
      Microsoft.Bcl.AsyncInterfaces (>= 9.0.1) - restriction: || (>= net462) (&& (>= netstandard2.0) (< netstandard2.1))
      Microsoft.Extensions.DependencyInjection.Abstractions (>= 9.0.1) - restriction: || (>= net462) (>= netstandard2.0)
      System.Threading.Tasks.Extensions (>= 4.5.4) - restriction: || (>= net462) (&& (>= netstandard2.0) (< netstandard2.1))
    Microsoft.Extensions.DependencyInjection.Abstractions (9.0.1) - restriction: || (>= net462) (>= netstandard2.0)
      Microsoft.Bcl.AsyncInterfaces (>= 9.0.1) - restriction: || (>= net462) (&& (>= netstandard2.0) (< netstandard2.1))
      System.Threading.Tasks.Extensions (>= 4.5.4) - restriction: || (>= net462) (&& (>= netstandard2.0) (< netstandard2.1))
    Microsoft.Extensions.Diagnostics (9.0.1) - restriction: || (>= net462) (>= netstandard2.0)
      Microsoft.Extensions.Configuration (>= 9.0.1) - restriction: || (>= net462) (>= netstandard2.0)
      Microsoft.Extensions.Diagnostics.Abstractions (>= 9.0.1) - restriction: || (>= net462) (>= netstandard2.0)
      Microsoft.Extensions.Options.ConfigurationExtensions (>= 9.0.1) - restriction: || (>= net462) (>= netstandard2.0)
    Microsoft.Extensions.Diagnostics.Abstractions (9.0.1) - restriction: || (>= net462) (>= netstandard2.0)
      Microsoft.Extensions.DependencyInjection.Abstractions (>= 9.0.1) - restriction: || (>= net462) (>= netstandard2.0)
      Microsoft.Extensions.Options (>= 9.0.1) - restriction: || (>= net462) (>= netstandard2.0)
      System.Buffers (>= 4.5.1) - restriction: || (>= net462) (&& (< net8.0) (>= netstandard2.0))
      System.Diagnostics.DiagnosticSource (>= 9.0.1) - restriction: || (>= net462) (&& (>= net8.0) (< net9.0)) (&& (< net8.0) (>= netstandard2.0))
      System.Memory (>= 4.5.5) - restriction: || (>= net462) (&& (< net8.0) (>= netstandard2.0))
    Microsoft.Extensions.FileProviders.Abstractions (9.0.1) - restriction: || (>= net462) (>= netstandard2.0)
      Microsoft.Extensions.Primitives (>= 9.0.1) - restriction: || (>= net462) (>= netstandard2.0)
    Microsoft.Extensions.FileProviders.Physical (9.0.1) - restriction: || (>= net462) (>= netstandard2.0)
      Microsoft.Extensions.FileProviders.Abstractions (>= 9.0.1) - restriction: || (>= net462) (>= netstandard2.0)
      Microsoft.Extensions.FileSystemGlobbing (>= 9.0.1) - restriction: || (>= net462) (>= netstandard2.0)
      Microsoft.Extensions.Primitives (>= 9.0.1) - restriction: || (>= net462) (>= netstandard2.0)
    Microsoft.Extensions.FileSystemGlobbing (9.0.1) - restriction: || (>= net462) (>= netstandard2.0)
    Microsoft.Extensions.Hosting (9.0.1)
      Microsoft.Bcl.AsyncInterfaces (>= 9.0.1) - restriction: || (>= net462) (&& (>= netstandard2.0) (< netstandard2.1))
      Microsoft.Extensions.Configuration (>= 9.0.1) - restriction: || (>= net462) (>= netstandard2.0)
      Microsoft.Extensions.Configuration.Abstractions (>= 9.0.1) - restriction: || (>= net462) (>= netstandard2.0)
      Microsoft.Extensions.Configuration.Binder (>= 9.0.1) - restriction: || (>= net462) (>= netstandard2.0)
      Microsoft.Extensions.Configuration.CommandLine (>= 9.0.1) - restriction: || (>= net462) (>= netstandard2.0)
      Microsoft.Extensions.Configuration.EnvironmentVariables (>= 9.0.1) - restriction: || (>= net462) (>= netstandard2.0)
      Microsoft.Extensions.Configuration.FileExtensions (>= 9.0.1) - restriction: || (>= net462) (>= netstandard2.0)
      Microsoft.Extensions.Configuration.Json (>= 9.0.1) - restriction: || (>= net462) (>= netstandard2.0)
      Microsoft.Extensions.Configuration.UserSecrets (>= 9.0.1) - restriction: || (>= net462) (>= netstandard2.0)
      Microsoft.Extensions.DependencyInjection (>= 9.0.1) - restriction: || (>= net462) (>= netstandard2.0)
      Microsoft.Extensions.DependencyInjection.Abstractions (>= 9.0.1) - restriction: || (>= net462) (>= netstandard2.0)
      Microsoft.Extensions.Diagnostics (>= 9.0.1) - restriction: || (>= net462) (>= netstandard2.0)
      Microsoft.Extensions.FileProviders.Abstractions (>= 9.0.1) - restriction: || (>= net462) (>= netstandard2.0)
      Microsoft.Extensions.FileProviders.Physical (>= 9.0.1) - restriction: || (>= net462) (>= netstandard2.0)
      Microsoft.Extensions.Hosting.Abstractions (>= 9.0.1) - restriction: || (>= net462) (>= netstandard2.0)
      Microsoft.Extensions.Logging (>= 9.0.1) - restriction: || (>= net462) (>= netstandard2.0)
      Microsoft.Extensions.Logging.Abstractions (>= 9.0.1) - restriction: || (>= net462) (>= netstandard2.0)
      Microsoft.Extensions.Logging.Configuration (>= 9.0.1) - restriction: || (>= net462) (>= netstandard2.0)
      Microsoft.Extensions.Logging.Console (>= 9.0.1) - restriction: || (>= net462) (>= netstandard2.0)
      Microsoft.Extensions.Logging.Debug (>= 9.0.1) - restriction: || (>= net462) (>= netstandard2.0)
      Microsoft.Extensions.Logging.EventLog (>= 9.0.1) - restriction: || (>= net462) (>= netstandard2.0)
      Microsoft.Extensions.Logging.EventSource (>= 9.0.1) - restriction: || (>= net462) (>= netstandard2.0)
      Microsoft.Extensions.Options (>= 9.0.1) - restriction: || (>= net462) (>= netstandard2.0)
      System.Threading.Tasks.Extensions (>= 4.5.4) - restriction: || (>= net462) (&& (>= netstandard2.0) (< netstandard2.1))
    Microsoft.Extensions.Hosting.Abstractions (9.0.1) - restriction: || (>= net462) (>= netstandard2.0)
      Microsoft.Bcl.AsyncInterfaces (>= 9.0.1) - restriction: || (>= net462) (&& (>= netstandard2.0) (< netstandard2.1))
      Microsoft.Extensions.Configuration.Abstractions (>= 9.0.1) - restriction: || (>= net462) (>= netstandard2.0)
      Microsoft.Extensions.DependencyInjection.Abstractions (>= 9.0.1) - restriction: || (>= net462) (>= netstandard2.0)
      Microsoft.Extensions.Diagnostics.Abstractions (>= 9.0.1) - restriction: || (>= net462) (>= netstandard2.0)
      Microsoft.Extensions.FileProviders.Abstractions (>= 9.0.1) - restriction: || (>= net462) (>= netstandard2.0)
      Microsoft.Extensions.Logging.Abstractions (>= 9.0.1) - restriction: || (>= net462) (>= netstandard2.0)
      System.Threading.Tasks.Extensions (>= 4.5.4) - restriction: || (>= net462) (&& (>= netstandard2.0) (< netstandard2.1))
    Microsoft.Extensions.Http (9.0.1) - restriction: || (>= net462) (>= netstandard2.0)
      Microsoft.Extensions.Configuration.Abstractions (>= 9.0.1) - restriction: || (>= net462) (>= netstandard2.0)
      Microsoft.Extensions.DependencyInjection.Abstractions (>= 9.0.1) - restriction: || (>= net462) (>= netstandard2.0)
      Microsoft.Extensions.Diagnostics (>= 9.0.1) - restriction: >= net8.0
      Microsoft.Extensions.Logging (>= 9.0.1) - restriction: || (>= net462) (>= netstandard2.0)
      Microsoft.Extensions.Logging.Abstractions (>= 9.0.1) - restriction: || (>= net462) (>= netstandard2.0)
      Microsoft.Extensions.Options (>= 9.0.1) - restriction: || (>= net462) (>= netstandard2.0)
    Microsoft.Extensions.Logging (9.0.1)
      Microsoft.Bcl.AsyncInterfaces (>= 9.0.1) - restriction: || (>= net462) (&& (>= netstandard2.0) (< netstandard2.1))
      Microsoft.Extensions.DependencyInjection (>= 9.0.1) - restriction: || (>= net462) (>= netstandard2.0)
      Microsoft.Extensions.Logging.Abstractions (>= 9.0.1) - restriction: || (>= net462) (>= netstandard2.0)
      Microsoft.Extensions.Options (>= 9.0.1) - restriction: || (>= net462) (>= netstandard2.0)
      System.Diagnostics.DiagnosticSource (>= 9.0.1) - restriction: || (>= net462) (&& (< net8.0) (>= netstandard2.1)) (&& (>= netstandard2.0) (< netstandard2.1))
      System.ValueTuple (>= 4.5) - restriction: >= net462
    Microsoft.Extensions.Logging.Abstractions (9.0.1) - restriction: || (>= net462) (>= netstandard2.0)
      Microsoft.Extensions.DependencyInjection.Abstractions (>= 9.0.1) - restriction: || (>= net462) (>= netstandard2.0)
      System.Buffers (>= 4.5.1) - restriction: || (>= net462) (&& (< net8.0) (>= netstandard2.0))
      System.Diagnostics.DiagnosticSource (>= 9.0.1) - restriction: || (>= net462) (&& (>= net8.0) (< net9.0)) (&& (< net8.0) (>= netstandard2.0))
      System.Memory (>= 4.5.5) - restriction: || (>= net462) (&& (< net8.0) (>= netstandard2.0))
    Microsoft.Extensions.Logging.Configuration (9.0.1) - restriction: || (>= net462) (>= netstandard2.0)
      Microsoft.Extensions.Configuration (>= 9.0.1) - restriction: || (>= net462) (>= netstandard2.0)
      Microsoft.Extensions.Configuration.Abstractions (>= 9.0.1) - restriction: || (>= net462) (>= netstandard2.0)
      Microsoft.Extensions.Configuration.Binder (>= 9.0.1) - restriction: || (>= net462) (>= netstandard2.0)
      Microsoft.Extensions.DependencyInjection.Abstractions (>= 9.0.1) - restriction: || (>= net462) (>= netstandard2.0)
      Microsoft.Extensions.Logging (>= 9.0.1) - restriction: || (>= net462) (>= netstandard2.0)
      Microsoft.Extensions.Logging.Abstractions (>= 9.0.1) - restriction: || (>= net462) (>= netstandard2.0)
      Microsoft.Extensions.Options (>= 9.0.1) - restriction: || (>= net462) (>= netstandard2.0)
      Microsoft.Extensions.Options.ConfigurationExtensions (>= 9.0.1) - restriction: || (>= net462) (>= netstandard2.0)
    Microsoft.Extensions.Logging.Console (9.0.1) - restriction: || (>= net462) (>= netstandard2.0)
      Microsoft.Bcl.AsyncInterfaces (>= 9.0.1) - restriction: || (>= net462) (&& (< net8.0) (>= netstandard2.0))
      Microsoft.Extensions.DependencyInjection.Abstractions (>= 9.0.1) - restriction: || (>= net462) (>= netstandard2.0)
      Microsoft.Extensions.Logging (>= 9.0.1) - restriction: || (>= net462) (>= netstandard2.0)
      Microsoft.Extensions.Logging.Abstractions (>= 9.0.1) - restriction: || (>= net462) (>= netstandard2.0)
      Microsoft.Extensions.Logging.Configuration (>= 9.0.1) - restriction: || (>= net462) (>= netstandard2.0)
      Microsoft.Extensions.Options (>= 9.0.1) - restriction: || (>= net462) (>= netstandard2.0)
      System.Buffers (>= 4.5.1) - restriction: || (>= net462) (&& (< net8.0) (>= netstandard2.0))
      System.Text.Json (>= 9.0.1) - restriction: || (>= net462) (&& (>= net8.0) (< net9.0)) (&& (< net8.0) (>= netstandard2.0))
    Microsoft.Extensions.Logging.Debug (9.0.1) - restriction: || (>= net462) (>= netstandard2.0)
      Microsoft.Extensions.DependencyInjection.Abstractions (>= 9.0.1) - restriction: || (>= net462) (>= netstandard2.0)
      Microsoft.Extensions.Logging (>= 9.0.1) - restriction: || (>= net462) (>= netstandard2.0)
      Microsoft.Extensions.Logging.Abstractions (>= 9.0.1) - restriction: || (>= net462) (>= netstandard2.0)
    Microsoft.Extensions.Logging.EventLog (9.0.1) - restriction: || (>= net462) (>= netstandard2.0)
      Microsoft.Extensions.DependencyInjection.Abstractions (>= 9.0.1) - restriction: || (>= net462) (>= netstandard2.0)
      Microsoft.Extensions.Logging (>= 9.0.1) - restriction: || (>= net462) (>= netstandard2.0)
      Microsoft.Extensions.Logging.Abstractions (>= 9.0.1) - restriction: || (>= net462) (>= netstandard2.0)
      Microsoft.Extensions.Options (>= 9.0.1) - restriction: || (>= net462) (>= netstandard2.0)
      System.Diagnostics.EventLog (>= 9.0.1) - restriction: || (&& (< net462) (>= netstandard2.0)) (>= net8.0)
    Microsoft.Extensions.Logging.EventSource (9.0.1) - restriction: || (>= net462) (>= netstandard2.0)
      Microsoft.Bcl.AsyncInterfaces (>= 9.0.1) - restriction: || (>= net462) (&& (< net8.0) (>= netstandard2.0))
      Microsoft.Extensions.DependencyInjection.Abstractions (>= 9.0.1) - restriction: || (>= net462) (>= netstandard2.0)
      Microsoft.Extensions.Logging (>= 9.0.1) - restriction: || (>= net462) (>= netstandard2.0)
      Microsoft.Extensions.Logging.Abstractions (>= 9.0.1) - restriction: || (>= net462) (>= netstandard2.0)
      Microsoft.Extensions.Options (>= 9.0.1) - restriction: || (>= net462) (>= netstandard2.0)
      Microsoft.Extensions.Primitives (>= 9.0.1) - restriction: || (>= net462) (>= netstandard2.0)
      System.Memory (>= 4.5.5) - restriction: || (>= net462) (&& (< net8.0) (>= netstandard2.0))
      System.Runtime.CompilerServices.Unsafe (>= 6.0) - restriction: || (>= net462) (&& (< net8.0) (>= netstandard2.0))
      System.Text.Json (>= 9.0.1) - restriction: || (>= net462) (&& (>= net8.0) (< net9.0)) (&& (< net8.0) (>= netstandard2.0))
    Microsoft.Extensions.Options (9.0.1)
      Microsoft.Extensions.DependencyInjection.Abstractions (>= 9.0.1) - restriction: || (>= net462) (>= netstandard2.0)
      Microsoft.Extensions.Primitives (>= 9.0.1) - restriction: || (>= net462) (>= netstandard2.0)
      System.ComponentModel.Annotations (>= 5.0) - restriction: || (&& (< net462) (>= netstandard2.0) (< netstandard2.1)) (&& (< net8.0) (>= netstandard2.1))
      System.ValueTuple (>= 4.5) - restriction: >= net462
    Microsoft.Extensions.Options.ConfigurationExtensions (9.0.1) - restriction: || (>= net462) (>= netstandard2.0)
      Microsoft.Extensions.Configuration.Abstractions (>= 9.0.1) - restriction: || (>= net462) (>= netstandard2.0)
      Microsoft.Extensions.Configuration.Binder (>= 9.0.1) - restriction: || (>= net462) (>= netstandard2.0)
      Microsoft.Extensions.DependencyInjection.Abstractions (>= 9.0.1) - restriction: || (>= net462) (>= netstandard2.0)
      Microsoft.Extensions.Options (>= 9.0.1) - restriction: || (>= net462) (>= netstandard2.0)
      Microsoft.Extensions.Primitives (>= 9.0.1) - restriction: || (>= net462) (>= netstandard2.0)
    Microsoft.Extensions.Primitives (9.0.1) - restriction: || (>= net462) (>= netstandard2.0)
      System.Memory (>= 4.5.5) - restriction: || (>= net462) (&& (< net8.0) (>= netstandard2.0))
      System.Runtime.CompilerServices.Unsafe (>= 6.0) - restriction: || (>= net462) (&& (< net8.0) (>= netstandard2.0))
    Microsoft.NET.Test.Sdk (17.12)
      Microsoft.CodeCoverage (>= 17.12) - restriction: || (>= net462) (>= netcoreapp3.1)
      Microsoft.TestPlatform.TestHost (>= 17.12) - restriction: >= netcoreapp3.1
    Microsoft.NETCore.Platforms (7.0.4) - restriction: || (&& (>= monoandroid) (>= netcoreapp2.0) (< netstandard1.3)) (&& (>= monoandroid) (>= netcoreapp2.1) (< netstandard1.3)) (&& (< monoandroid) (>= netcoreapp2.0) (< netcoreapp2.1)) (&& (>= monotouch) (>= netcoreapp2.0)) (&& (>= monotouch) (>= netcoreapp2.1)) (&& (>= net461) (>= netcoreapp2.0)) (&& (>= net461) (>= netcoreapp2.1)) (&& (>= net472) (>= netcoreapp2.0)) (&& (>= net472) (>= netcoreapp2.1)) (&& (>= netcoreapp2.0) (< netcoreapp2.1) (>= xamarinios)) (&& (>= netcoreapp2.0) (< netcoreapp2.1) (>= xamarinmac)) (&& (>= netcoreapp2.0) (< netcoreapp2.1) (>= xamarintvos)) (&& (>= netcoreapp2.0) (< netcoreapp2.1) (>= xamarinwatchos)) (&& (>= netcoreapp2.0) (>= uap10.1)) (&& (< netcoreapp2.0) (>= netcoreapp2.1)) (&& (>= netcoreapp2.1) (< netcoreapp3.0)) (&& (>= netcoreapp2.1) (>= uap10.1))
    Microsoft.TestPlatform.ObjectModel (17.12) - restriction: >= netcoreapp3.1
      System.Reflection.Metadata (>= 1.6) - restriction: || (>= net462) (>= netstandard2.0)
    Microsoft.TestPlatform.TestHost (17.12) - restriction: >= netcoreapp3.1
      Microsoft.TestPlatform.ObjectModel (>= 17.12) - restriction: >= netcoreapp3.1
      Newtonsoft.Json (>= 13.0.1) - restriction: >= netcoreapp3.1
    Microsoft.VisualStudio.Threading (17.12.19)
      Microsoft.Bcl.AsyncInterfaces (>= 6.0) - restriction: || (>= net472) (&& (< net6.0) (>= netstandard2.0))
      Microsoft.VisualStudio.Threading.Analyzers (>= 17.12.19) - restriction: >= netstandard2.0
      Microsoft.VisualStudio.Validation (>= 17.8.8) - restriction: >= netstandard2.0
      Microsoft.Win32.Registry (>= 5.0) - restriction: || (>= net472) (&& (< net6.0) (>= netstandard2.0))
      System.Memory (>= 4.5.5) - restriction: || (>= net472) (&& (< net6.0) (>= netstandard2.0))
      System.Runtime.CompilerServices.Unsafe (>= 6.0) - restriction: || (>= net472) (&& (< net6.0) (>= netstandard2.0))
      System.Threading.Tasks.Extensions (>= 4.5.4) - restriction: || (>= net472) (&& (< net6.0) (>= netstandard2.0))
    Microsoft.VisualStudio.Threading.Analyzers (17.12.19) - restriction: >= netstandard2.0
    Microsoft.VisualStudio.Validation (17.8.8) - restriction: >= netstandard2.0
    Microsoft.Win32.Registry (5.0) - restriction: || (>= net472) (&& (< net6.0) (>= netstandard2.0))
      System.Buffers (>= 4.5.1) - restriction: || (&& (>= monoandroid) (< netstandard1.3)) (>= monotouch) (&& (< net46) (< netcoreapp2.0) (>= netstandard2.0)) (>= xamarinios) (>= xamarinmac) (>= xamarintvos) (>= xamarinwatchos)
      System.Memory (>= 4.5.4) - restriction: || (&& (< monoandroid) (>= netcoreapp2.0) (< netcoreapp2.1) (< xamarinios) (< xamarinmac) (< xamarintvos) (< xamarinwatchos)) (&& (< net46) (< netcoreapp2.0) (>= netstandard2.0) (< xamarinios) (< xamarinmac) (< xamarintvos) (< xamarinwatchos)) (>= uap10.1)
      System.Security.AccessControl (>= 5.0) - restriction: || (&& (>= monoandroid) (< netstandard1.3)) (&& (< monoandroid) (>= netcoreapp2.0)) (>= monotouch) (&& (< net46) (< netcoreapp2.0) (>= netstandard2.0)) (>= net461) (>= netcoreapp2.1) (>= uap10.1) (>= xamarinios) (>= xamarinmac) (>= xamarintvos) (>= xamarinwatchos)
      System.Security.Principal.Windows (>= 5.0) - restriction: || (&& (>= monoandroid) (< netstandard1.3)) (&& (< monoandroid) (>= netcoreapp2.0)) (>= monotouch) (&& (< net46) (< netcoreapp2.0) (>= netstandard2.0)) (>= net461) (>= netcoreapp2.1) (>= uap10.1) (>= xamarinios) (>= xamarinmac) (>= xamarintvos) (>= xamarinwatchos)
    Newtonsoft.Json (13.0.3) - restriction: >= netcoreapp3.1
    NSubstitute (5.3)
      Castle.Core (>= 5.1.1) - restriction: || (>= net462) (>= netstandard2.0)
      System.Threading.Tasks.Extensions (>= 4.3) - restriction: || (>= net462) (&& (< net6.0) (>= netstandard2.0))
    NUnit (4.3.2)
      System.Memory (>= 4.6) - restriction: >= net462
      System.Threading.Tasks.Extensions (>= 4.5.4) - restriction: >= net462
      System.ValueTuple (>= 4.5) - restriction: >= net462
    NUnit3TestAdapter (4.6)
    Refit (8.0)
      System.Net.Http.Json (>= 8.0.1) - restriction: || (>= net462) (&& (< net6.0) (>= netstandard2.0))
      System.Text.Json (>= 8.0.5) - restriction: || (>= net462) (&& (< net6.0) (>= netstandard2.0))
    Refit.HttpClientFactory (8.0)
      Microsoft.Extensions.Http (>= 8.0.1) - restriction: || (>= net462) (>= netstandard2.0)
      Refit (>= 8.0) - restriction: || (>= net462) (>= netstandard2.0)
    System.Buffers (4.6) - restriction: || (&& (>= monoandroid) (>= net472) (< netstandard1.3)) (&& (>= monoandroid) (< netstandard1.3) (>= netstandard2.0)) (&& (>= monotouch) (>= net472)) (&& (>= monotouch) (>= netstandard2.0)) (&& (< net46) (>= net472)) (&& (< net46) (< netcoreapp2.0) (>= netstandard2.0)) (>= net462) (&& (>= net472) (>= xamarinios)) (&& (>= net472) (>= xamarinmac)) (&& (>= net472) (>= xamarintvos)) (&& (>= net472) (>= xamarinwatchos)) (&& (< net6.0) (>= netstandard2.0)) (&& (< net6.0) (>= xamarinios)) (&& (< net6.0) (>= xamarinmac)) (&& (< net8.0) (>= netstandard2.0))
    System.Collections.Immutable (9.0.1) - restriction: || (&& (>= net462) (>= netcoreapp3.1)) (&& (>= net8.0) (< net9.0)) (&& (< net8.0) (>= netcoreapp3.1))
      System.Memory (>= 4.5.5) - restriction: || (>= net462) (&& (< net8.0) (>= netstandard2.0))
      System.Runtime.CompilerServices.Unsafe (>= 6.0) - restriction: || (>= net462) (&& (< net8.0) (>= netstandard2.0))
    System.ComponentModel.Annotations (5.0) - restriction: || (&& (< net462) (>= netstandard2.0) (< netstandard2.1)) (&& (< net8.0) (>= netstandard2.1))
    System.Diagnostics.DiagnosticSource (9.0.1) - restriction: || (>= net462) (&& (>= net8.0) (< net9.0)) (&& (< net8.0) (>= netstandard2.0)) (&& (< net8.0) (>= netstandard2.1)) (&& (>= netstandard2.0) (< netstandard2.1))
      System.Memory (>= 4.5.5) - restriction: || (>= net462) (&& (< net8.0) (>= netstandard2.0))
      System.Runtime.CompilerServices.Unsafe (>= 6.0) - restriction: || (>= net462) (&& (< net8.0) (>= netstandard2.0))
    System.Diagnostics.EventLog (9.0.1) - restriction: || (&& (< net462) (>= netstandard2.0)) (>= net8.0)
      System.Security.Principal.Windows (>= 5.0) - restriction: || (>= net462) (&& (< net8.0) (>= netstandard2.0))
    System.IO.Abstractions (21.3.1)
      TestableIO.System.IO.Abstractions (>= 21.3.1) - restriction: || (>= net462) (>= netstandard2.0)
      TestableIO.System.IO.Abstractions.Wrappers (>= 21.3.1) - restriction: || (>= net462) (>= netstandard2.0)
    System.IO.FileSystem.AccessControl (5.0) - restriction: || (&& (>= net462) (>= netstandard2.1)) (&& (< net462) (>= netstandard2.0) (< netstandard2.1)) (&& (< net6.0) (>= netstandard2.1))
      System.Buffers (>= 4.5.1) - restriction: || (&& (>= monoandroid) (< netstandard1.3)) (>= monotouch) (&& (< net46) (< netcoreapp2.0) (>= netstandard2.0)) (>= xamarinios) (>= xamarinmac) (>= xamarintvos) (>= xamarinwatchos)
      System.Memory (>= 4.5.4) - restriction: || (&& (< monoandroid) (>= netcoreapp2.0) (< netcoreapp2.1) (< xamarinios) (< xamarinmac) (< xamarintvos) (< xamarinwatchos)) (&& (< net46) (< netcoreapp2.0) (>= netstandard2.0) (< xamarinios) (< xamarinmac) (< xamarintvos) (< xamarinwatchos)) (>= uap10.1)
      System.Security.AccessControl (>= 5.0) - restriction: || (&& (>= monoandroid) (< netstandard1.3)) (&& (< monoandroid) (< net46) (>= netstandard1.3) (< netstandard2.0)) (&& (< monoandroid) (>= netcoreapp2.0)) (>= monotouch) (&& (>= net46) (< netstandard2.0)) (&& (< net46) (< netcoreapp2.0) (>= netstandard2.0)) (>= net461) (>= netcoreapp2.1) (>= uap10.1) (>= xamarinios) (>= xamarinmac) (>= xamarintvos) (>= xamarinwatchos)
      System.Security.Principal.Windows (>= 5.0) - restriction: || (&& (>= monoandroid) (< netstandard1.3)) (&& (< monoandroid) (< net46) (>= netstandard1.3) (< netstandard2.0)) (&& (< monoandroid) (>= netcoreapp2.0)) (>= monotouch) (&& (>= net46) (< netstandard2.0)) (&& (< net46) (< netcoreapp2.0) (>= netstandard2.0)) (>= net461) (>= netcoreapp2.1) (>= uap10.1) (>= xamarinios) (>= xamarinmac) (>= xamarintvos) (>= xamarinwatchos)
    System.IO.Pipelines (9.0.1) - restriction: || (>= net462) (&& (< net6.0) (>= net8.0)) (&& (< net6.0) (>= netstandard2.0))
      System.Buffers (>= 4.5.1) - restriction: || (>= net462) (&& (< net8.0) (>= netstandard2.0))
      System.Memory (>= 4.5.5) - restriction: || (>= net462) (&& (< net8.0) (>= netstandard2.0))
      System.Threading.Tasks.Extensions (>= 4.5.4) - restriction: || (>= net462) (&& (< net8.0) (>= netstandard2.0))
    System.Memory (4.6) - restriction: || (&& (< monoandroid) (>= netcoreapp2.0) (< netcoreapp2.1) (< xamarinios) (< xamarinmac) (< xamarintvos) (< xamarinwatchos)) (&& (< net46) (>= net472)) (&& (< net46) (< netcoreapp2.0) (>= netstandard2.0) (< xamarinios) (< xamarinmac) (< xamarintvos) (< xamarinwatchos)) (>= net462) (&& (>= net472) (>= netcoreapp2.0)) (&& (>= net472) (>= uap10.1)) (&& (< net6.0) (>= netstandard2.0)) (&& (< net8.0) (>= netcoreapp3.1)) (&& (< net8.0) (>= netstandard2.0)) (&& (>= netstandard2.0) (>= uap10.1))
      System.Buffers (>= 4.6) - restriction: || (>= net462) (&& (< netcoreapp2.1) (>= netstandard2.0))
      System.Numerics.Vectors (>= 4.6) - restriction: || (>= net462) (&& (< netcoreapp2.1) (>= netstandard2.0))
      System.Runtime.CompilerServices.Unsafe (>= 6.1) - restriction: || (>= net462) (&& (< netcoreapp2.1) (>= netstandard2.0))
    System.Net.Http.Json (9.0.1) - restriction: || (>= net462) (&& (< net6.0) (>= netstandard2.0))
      System.Buffers (>= 4.5.1) - restriction: || (>= net462) (&& (< net8.0) (>= netstandard2.0))
      System.Memory (>= 4.5.5) - restriction: || (>= net462) (&& (< net8.0) (>= netstandard2.0))
      System.Text.Json (>= 9.0.1) - restriction: || (>= net462) (&& (>= net8.0) (< net9.0)) (&& (< net8.0) (>= netstandard2.0))
      System.Threading.Tasks.Extensions (>= 4.5.4) - restriction: || (>= net462) (&& (< net8.0) (>= netstandard2.0))
    System.Numerics.Vectors (4.6) - restriction: >= net462
    System.Reflection.Emit (4.7) - restriction: && (< net462) (>= netstandard2.0) (< netstandard2.1)
      System.Reflection.Emit.ILGeneration (>= 4.7) - restriction: || (&& (< monoandroid) (< monotouch) (< net45) (>= netstandard1.1) (< netstandard2.0) (< win8) (< wpa81) (< xamarintvos) (< xamarinwatchos)) (&& (< monoandroid) (< net45) (< netcoreapp2.0) (>= netstandard2.0) (< netstandard2.1) (< xamarintvos) (< xamarinwatchos)) (&& (< monoandroid) (< netstandard1.1) (>= portable-net45+win8+wpa81) (< win8)) (&& (< netstandard1.1) (>= win8)) (&& (< netstandard2.0) (>= wpa81)) (>= uap10.1)
    System.Reflection.Emit.ILGeneration (4.7) - restriction: || (&& (< monoandroid) (< net45) (< netcoreapp2.0) (>= netstandard2.0) (< netstandard2.1) (< xamarintvos) (< xamarinwatchos)) (&& (< monoandroid) (< netstandard1.1) (>= netstandard2.0) (< win8)) (&& (< netstandard1.1) (>= netstandard2.0) (>= win8)) (&& (>= netstandard2.0) (>= uap10.1))
    System.Reflection.Metadata (9.0.1) - restriction: >= netcoreapp3.1
      System.Collections.Immutable (>= 9.0.1) - restriction: || (>= net462) (&& (>= net8.0) (< net9.0)) (&& (< net8.0) (>= netstandard2.0))
      System.Memory (>= 4.5.5) - restriction: || (>= net462) (&& (< net8.0) (>= netstandard2.0))
    System.Runtime.CompilerServices.Unsafe (6.1) - restriction: || (>= net462) (&& (< net6.0) (>= netstandard2.0)) (&& (< net8.0) (>= netcoreapp3.1)) (&& (< net8.0) (>= netstandard2.0)) (&& (< netcoreapp2.1) (>= netstandard2.0) (< netstandard2.1))
    System.Security.AccessControl (6.0.1) - restriction: || (&& (>= monoandroid) (< netstandard1.3) (>= netstandard2.0)) (&& (>= monoandroid) (< netstandard1.3) (>= netstandard2.1)) (&& (< monoandroid) (< net6.0) (>= netcoreapp2.0)) (&& (< monoandroid) (>= netcoreapp2.0) (< netstandard2.1)) (&& (< monoandroid) (< netstandard2.0) (>= netstandard2.1)) (&& (>= monotouch) (>= netstandard2.0)) (&& (>= monotouch) (>= netstandard2.1)) (&& (>= net46) (< netstandard2.0) (>= netstandard2.1)) (&& (< net46) (< netcoreapp2.0) (>= netstandard2.0)) (&& (>= net461) (>= netstandard2.0)) (&& (>= net461) (>= netstandard2.1)) (&& (>= net462) (>= netstandard2.1)) (&& (>= net462) (>= xamarinios)) (&& (>= net462) (>= xamarinmac)) (>= net472) (&& (< net6.0) (>= netcoreapp2.1)) (&& (< net6.0) (>= netstandard2.0) (>= xamarintvos)) (&& (< net6.0) (>= netstandard2.0) (>= xamarinwatchos)) (&& (< net6.0) (>= netstandard2.1) (>= xamarintvos)) (&& (< net6.0) (>= netstandard2.1) (>= xamarinwatchos)) (&& (< net6.0) (>= xamarinios)) (&& (< net6.0) (>= xamarinmac)) (&& (< netcoreapp2.0) (>= netstandard2.1)) (&& (>= netcoreapp2.1) (< netstandard2.1)) (&& (>= netstandard2.0) (< netstandard2.1) (>= xamarintvos)) (&& (>= netstandard2.0) (< netstandard2.1) (>= xamarinwatchos)) (&& (>= netstandard2.0) (>= uap10.1)) (&& (>= netstandard2.1) (>= uap10.1)) (&& (< netstandard2.1) (>= xamarinios)) (&& (< netstandard2.1) (>= xamarinmac))
      System.Security.Principal.Windows (>= 5.0) - restriction: || (>= net461) (&& (< net6.0) (>= netstandard2.0))
    System.Security.Principal.Windows (5.0) - restriction: || (&& (>= monoandroid) (< netstandard1.3) (>= netstandard2.0)) (&& (>= monoandroid) (< netstandard1.3) (>= netstandard2.1)) (&& (< monoandroid) (< net6.0) (>= netcoreapp2.0)) (&& (< monoandroid) (>= netcoreapp2.0) (< netstandard2.1)) (&& (< monoandroid) (< netstandard2.0) (>= netstandard2.1)) (&& (>= monotouch) (>= netstandard2.0)) (&& (>= monotouch) (>= netstandard2.1)) (&& (>= net46) (< netstandard2.0) (>= netstandard2.1)) (&& (< net46) (< netcoreapp2.0) (>= netstandard2.0)) (&& (>= net461) (>= netstandard2.0)) (&& (>= net461) (>= netstandard2.1)) (&& (>= net462) (>= net8.0)) (&& (>= net462) (>= netstandard2.1)) (&& (>= net462) (>= xamarinios)) (&& (>= net462) (>= xamarinmac)) (&& (< net462) (< net8.0) (>= netstandard2.0)) (>= net472) (&& (< net6.0) (>= netcoreapp2.1)) (&& (< net6.0) (>= netstandard2.0) (>= xamarintvos)) (&& (< net6.0) (>= netstandard2.0) (>= xamarinwatchos)) (&& (< net6.0) (>= netstandard2.1) (>= xamarintvos)) (&& (< net6.0) (>= netstandard2.1) (>= xamarinwatchos)) (&& (< net6.0) (>= xamarinios)) (&& (< net6.0) (>= xamarinmac)) (&& (< netcoreapp2.0) (>= netstandard2.1)) (&& (>= netcoreapp2.1) (< netstandard2.1)) (&& (>= netstandard2.0) (< netstandard2.1) (>= xamarintvos)) (&& (>= netstandard2.0) (< netstandard2.1) (>= xamarinwatchos)) (&& (>= netstandard2.0) (>= uap10.1)) (&& (>= netstandard2.1) (>= uap10.1)) (&& (< netstandard2.1) (>= xamarinios)) (&& (< netstandard2.1) (>= xamarinmac))
      Microsoft.NETCore.Platforms (>= 5.0) - restriction: || (&& (>= netcoreapp2.0) (< netcoreapp2.1)) (&& (>= netcoreapp2.1) (< netcoreapp3.0))
    System.Text.Encodings.Web (9.0.1) - restriction: || (>= net462) (&& (< net6.0) (>= net8.0)) (&& (< net6.0) (>= netstandard2.0))
      System.Buffers (>= 4.5.1) - restriction: || (>= net462) (&& (< net8.0) (>= netstandard2.0))
      System.Memory (>= 4.5.5) - restriction: || (>= net462) (&& (< net8.0) (>= netstandard2.0))
      System.Runtime.CompilerServices.Unsafe (>= 6.0) - restriction: || (>= net462) (&& (< net8.0) (>= netstandard2.0))
    System.Text.Json (9.0.1) - restriction: || (>= net462) (&& (< net6.0) (>= net8.0)) (&& (< net6.0) (>= netstandard2.0)) (&& (>= net8.0) (< net9.0)) (&& (< net8.0) (>= netstandard2.1)) (&& (>= netstandard2.0) (< netstandard2.1))
      Microsoft.Bcl.AsyncInterfaces (>= 9.0.1) - restriction: || (>= net462) (&& (< net8.0) (>= netstandard2.0))
      System.Buffers (>= 4.5.1) - restriction: || (>= net462) (&& (< net8.0) (>= netstandard2.0))
      System.IO.Pipelines (>= 9.0.1) - restriction: || (>= net462) (&& (>= net8.0) (< net9.0)) (&& (< net8.0) (>= netstandard2.0))
      System.Memory (>= 4.5.5) - restriction: || (>= net462) (&& (< net8.0) (>= netstandard2.0))
      System.Runtime.CompilerServices.Unsafe (>= 6.0) - restriction: || (>= net462) (&& (< net8.0) (>= netstandard2.0))
      System.Text.Encodings.Web (>= 9.0.1) - restriction: || (>= net462) (&& (>= net8.0) (< net9.0)) (&& (< net8.0) (>= netstandard2.0))
      System.Threading.Tasks.Extensions (>= 4.5.4) - restriction: || (>= net462) (&& (< net8.0) (>= netstandard2.0))
      System.ValueTuple (>= 4.5) - restriction: >= net462
    System.Threading.Tasks.Extensions (4.6) - restriction: || (>= net462) (&& (< net6.0) (>= netstandard2.0)) (&& (>= netstandard2.0) (< netstandard2.1))
      System.Runtime.CompilerServices.Unsafe (>= 6.1) - restriction: || (>= net462) (&& (< netcoreapp2.1) (>= netstandard2.0))
    System.ValueTuple (4.5) - restriction: >= net462
    TestableIO.System.IO.Abstractions (21.3.1) - restriction: || (>= net462) (>= netstandard2.0)
    TestableIO.System.IO.Abstractions.Wrappers (21.3.1) - restriction: || (>= net462) (>= netstandard2.0)
      System.IO.FileSystem.AccessControl (>= 5.0) - restriction: || (&& (< net462) (>= netstandard2.0) (< netstandard2.1)) (&& (< net6.0) (>= netstandard2.1))
      TestableIO.System.IO.Abstractions (>= 21.3.1) - restriction: || (>= net462) (>= netstandard2.0)
